PATH
  remote: .
  specs:
    salamander (0.0.1)
      ruby-sdl-ffi (~> 0.3)

GEM
  specs:
    ffi (1.0.4)
      rake (>= 0.8.7)
    nice-ffi (0.4)
      ffi (>= 0.5.0)
    rake (0.8.7)
    ruby-sdl-ffi (0.3)
      nice-ffi (>= 0.2)

PLATFORMS
  ruby

DEPENDENCIES
  bundler (~> 1.0.7)
  ruby-sdl-ffi (~> 0.3)
  salamander!
